ObjectType = Image
NDims = 3
BinaryData = True
BinaryDataByteOrderMSB = False
CompressedData = False
TransformMatrix = 1 0 0 0 1 0 0 0 1
Offset = -178.34807499999999 -32.898716899999997 -593.90002400000003
CenterOfRotation = 0 0 0
AnatomicalOrientation = RAI
ElementSpacing = 0.67578125 0.67578125 1.0000001192092896
DimSize = 512 512 280
ElementType = MET_SHORT
ElementDataFile = 1.3.6.1.4.1.14519.5.2.1.6279.6001.334517907433161353885866806005.raw
