ObjectType = Image
NDims = 3
BinaryData = True
BinaryDataByteOrderMSB = False
CompressedData = False
TransformMatrix = 1 0 0 0 1 0 0 0 1
Offset = -242.5 -233 -390
CenterOfRotation = 0 0 0
AnatomicalOrientation = RAI
ElementSpacing = 0.9492189884185791 0.9492189884185791 1.25
DimSize = 512 512 297
ElementType = MET_SHORT
ElementDataFile = 1.3.6.1.4.1.14519.5.2.1.6279.6001.250863365157630276148828903732.raw
