ObjectType = Image
NDims = 3
BinaryData = True
BinaryDataByteOrderMSB = False
CompressedData = False
TransformMatrix = 1 0 0 0 1 0 0 0 1
Offset = -194.80000000000001 -190.19999999999999 -334.25
CenterOfRotation = 0 0 0
AnatomicalOrientation = RAI
ElementSpacing = 0.78125 0.78125 2.5
DimSize = 512 512 139
ElementType = MET_SHORT
ElementDataFile = 1.3.6.1.4.1.14519.5.2.1.6279.6001.280972147860943609388015648430.raw
