ObjectType = Image
NDims = 3
BinaryData = True
BinaryDataByteOrderMSB = False
CompressedData = False
TransformMatrix = 1 0 0 0 1 0 0 0 1
Offset = -166.67383000000001 -340.67383000000001 -354
CenterOfRotation = 0 0 0
AnatomicalOrientation = RAI
ElementSpacing = 0.65234375 0.65234375 0.69999998807907104
DimSize = 512 512 483
ElementType = MET_SHORT
ElementDataFile = 1.3.6.1.4.1.14519.5.2.1.6279.6001.640729228179368154416184318668.raw
