ObjectType = Image
NDims = 3
BinaryData = True
BinaryDataByteOrderMSB = False
CompressedData = False
TransformMatrix = 1 0 0 0 1 0 0 0 1
Offset = -161.800003 -167.5 -301
CenterOfRotation = 0 0 0
AnatomicalOrientation = RAI
ElementSpacing = 0.65429699420928955 0.65429699420928955 1.25
DimSize = 512 512 229
ElementType = MET_SHORT
ElementDataFile = 1.3.6.1.4.1.14519.5.2.1.6279.6001.534083630500464995109143618896.raw
