ObjectType = Image
NDims = 3
BinaryData = True
BinaryDataByteOrderMSB = False
CompressedData = False
TransformMatrix = 1 0 0 0 1 0 0 0 0.99999999999999989
Offset = -155 -150 -318.32998700000002
CenterOfRotation = 0 0 0
AnatomicalOrientation = RAI
ElementSpacing = 0.5859379768371582 0.5859379768371582 2.5
DimSize = 512 512 127
ElementType = MET_SHORT
ElementDataFile = 1.3.6.1.4.1.14519.5.2.1.6279.6001.310626494937915759224334597176.raw
