ObjectType = Image
NDims = 3
BinaryData = True
BinaryDataByteOrderMSB = False
CompressedData = False
TransformMatrix = 0.99999999999999989 0 0 0 0.99999999999999989 0 0 0 1
Offset = -247.199997 -241.5 -310
CenterOfRotation = 0 0 0
AnatomicalOrientation = RAI
ElementSpacing = 0.94335901737213135 0.94335901737213135 1.25
DimSize = 512 512 265
ElementType = MET_SHORT
ElementDataFile = 1.3.6.1.4.1.14519.5.2.1.6279.6001.564534197011295112247542153557.raw
