ObjectType = Image
NDims = 3
BinaryData = True
BinaryDataByteOrderMSB = False
CompressedData = False
TransformMatrix = 1 0 0 0 1 0 0 0 0.99999999999999989
Offset = -157.699997 -155.10000600000001 -326.76001000000002
CenterOfRotation = 0 0 0
AnatomicalOrientation = RAI
ElementSpacing = 0.6445310115814209 0.6445310115814209 2.5
DimSize = 512 512 120
ElementType = MET_SHORT
ElementDataFile = 1.3.6.1.4.1.14519.5.2.1.6279.6001.657775098760536289051744981056.raw
