ObjectType = Image
NDims = 3
BinaryData = True
BinaryDataByteOrderMSB = False
CompressedData = False
TransformMatrix = 1 0 0 0 1 0 0 0 1
Offset = -168.681640625 -332.681640625 -441
CenterOfRotation = 0 0 0
AnatomicalOrientation = RAI
ElementSpacing = 0.63671875 0.63671875 0.5
DimSize = 512 512 733
ElementType = MET_SHORT
ElementDataFile = 1.3.6.1.4.1.14519.5.2.1.6279.6001.430109407146633213496148200410.raw
